GEM
  remote: https://rubygems.org/
  specs:
    bel (0.3.0.beta5)
      ffi (= 1.9.8)
    blankslate (3.1.3)
    byebug (4.0.5)
      columnize (= 0.9.0)
    coderay (1.1.0)
    columnize (0.9.0)
    ffi (1.9.8)
    method_source (0.8.2)
    minitest (5.6.1)
    parslet (1.7.0)
      blankslate (>= 2.0, <= 4.0)
    pry (0.10.1)
      coderay (~> 1.1.0)
      method_source (~> 0.8.1)
      slop (~> 3.4)
    pry-byebug (3.1.0)
      byebug (~> 4.0)
      pry (~> 0.10)
    slop (3.6.0)
    thor (0.19.1)
    vim-flavor (2.2.1)
      parslet (~> 1.7)
      thor (~> 0.19)
    yard (0.8.7.6)

PLATFORMS
  ruby

DEPENDENCIES
  bel (= 0.3.0.beta5)
  byebug
  minitest
  pry
  pry-byebug
  vim-flavor
  yard
